PATH
  remote: .
  specs:
    socrates (0.0.1)
      rake (>= 0.8.7)
      rspec (>= 2.4)
      tilt (>= 0.9)

GEM
  remote: http://rubygems.org/
  specs:
    diff-lcs (1.1.2)
    rake (0.8.7)
    rspec (2.4.0)
      rspec-core (~> 2.4.0)
      rspec-expectations (~> 2.4.0)
      rspec-mocks (~> 2.4.0)
    rspec-core (2.4.0)
    rspec-expectations (2.4.0)
      diff-lcs (~> 1.1.2)
    rspec-mocks (2.4.0)
    tilt (1.2.2)

PLATFORMS
  ruby

DEPENDENCIES
  socrates!
